GEM
  remote: http://rubygems.org/
  specs:
    minitest (5.16.2)

PLATFORMS
  x64-mingw-ucrt
  x86_64-darwin-21

DEPENDENCIES
  minitest

BUNDLED WITH
   2.2.3
