GEM
  remote: http://rubygems.org/
  specs:
    minitest (5.16.2)
    sqlite3 (1.5.3-x86_64-darwin)
    sqlite3 (1.5.3-x86_64-linux)

PLATFORMS
  x86_64-darwin-21
  x86_64-linux

DEPENDENCIES
  minitest
  sqlite3

BUNDLED WITH
   2.2.3
