GEM
  specs:

PLATFORMS
  x64-mingw-ucrt

DEPENDENCIES

BUNDLED WITH
   2.3.7
