GEM
  remote: http://rubygems.org/
  specs:
    minitest (5.16.2)

PLATFORMS
  x64-mingw-ucrt

DEPENDENCIES
  minitest

BUNDLED WITH
   2.3.7
