GEM
  remote: http://rubygems.org/
  specs:
    haml (6.0.7)
      temple (>= 0.8.2)
      thor
      tilt
    minitest (5.16.2)
    prettier (3.2.2)
      syntax_tree (>= 2.7.1)
      syntax_tree-haml (>= 1.1.0)
      syntax_tree-rbs (>= 0.2.0)
    prettier_print (1.0.1)
    rbs (2.7.0)
    syntax_tree (4.0.1)
      prettier_print (>= 1.0.1)
    syntax_tree-haml (1.3.2)
      haml (>= 5.2)
      prettier_print
      syntax_tree (>= 2.0.1)
    syntax_tree-rbs (0.5.1)
      prettier_print
      rbs
      syntax_tree (>= 2.0.1)
    temple (0.8.2)
    thor (1.2.1)
    tilt (2.0.11)

PLATFORMS
  x86_64-darwin-21
  x86_64-linux

DEPENDENCIES
  minitest
  prettier

BUNDLED WITH
   2.2.3
